PATH
  remote: .
  specs:
    combination-extractor (0.9.1)

GEM
  remote: https://rubygems.org/
  specs:
    rake (10.5.0)
    rspec (0.9.4)

PLATFORMS
  ruby

DEPENDENCIES
  bundler (~> 1.10)
  combination-extractor!
  rake (~> 10.0)
  rspec (~> 0)

BUNDLED WITH
   1.10.6
